GIT
  remote: git://github.com/dmitryzuev/jekyll-slim.git
  revision: 7a56f538cb159bb25cec8c11d5bb03a1a2a32a65
  branch: feature-jekyll3
  specs:
    jekyll-slim (0.11.0)
      byebug
      jekyll (~> 3.0)
      sliq (~> 0.0.3)

GIT
  remote: git@github.com:dmitryzuev/sliq.git
  revision: 1e4c899c370a11705528f185ffe69f9497e9cc6c
  branch: feature-versions-update
  specs:
    sliq (0.0.3)
      liquid (~> 3.0)
      slim (~> 3.0)

GEM
  remote: https://rubygems.org/
  specs:
    addressable (2.3.8)
    aws-sdk (2.2.1)
      aws-sdk-resources (= 2.2.1)
    aws-sdk-core (2.2.1)
      jmespath (~> 1.0)
    aws-sdk-resources (2.2.1)
      aws-sdk-core (= 2.2.1)
    byebug (8.2.2)
    coderay (1.1.1)
    colorator (0.1)
    concurrent-ruby (1.0.1)
    dotenv (2.1.0)
    fastimage (1.9.0)
      addressable (~> 2.3.5)
    ffi (1.9.10)
    httpclient (2.7.1)
    jekyll (3.1.2)
      colorator (~> 0.1)
      jekyll-sass-converter (~> 1.0)
      jekyll-watch (~> 1.1)
      kramdown (~> 1.3)
      liquid (~> 3.0)
      mercenary (~> 0.3.3)
      rouge (~> 1.7)
      safe_yaml (~> 1.0)
    jekyll-assets (2.1.2)
      fastimage (~> 1.8)
      jekyll (~> 3.0)
      sprockets (~> 3.3)
      sprockets-helpers (~> 1.2)
      tilt (~> 2.0)
    jekyll-paginate (1.1.0)
    jekyll-sass-converter (1.4.0)
      sass (~> 3.4)
    jekyll-watch (1.3.1)
      listen (~> 3.0)
    jmespath (1.1.3)
    json (1.8.3)
    kramdown (1.10.0)
    liquid (3.0.6)
    listen (3.0.6)
      rb-fsevent (>= 0.9.3)
      rb-inotify (>= 0.9.7)
    mercenary (0.3.5)
    method_source (0.8.2)
    mini_magick (4.4.0)
    posix-spawn (0.3.11)
    pry (0.10.3)
      coderay (~> 1.1.0)
      method_source (~> 0.8.1)
      slop (~> 3.4)
    pygments.rb (0.6.3)
      posix-spawn (~> 0.3.6)
      yajl-ruby (~> 1.2.0)
    rack (1.6.4)
    rake (11.1.1)
    rb-fsevent (0.9.7)
    rb-inotify (0.9.7)
      ffi (>= 0.5.0)
    redcarpet (3.3.4)
    reduce (0.3.0)
      smusher
    rouge (1.10.1)
    safe_yaml (1.0.4)
    sass (3.4.21)
    slim (3.0.6)
      temple (~> 0.7.3)
      tilt (>= 1.3.3, < 2.1)
    slop (3.6.0)
    smusher (0.4.9)
      httpclient (>= 2.2)
      json
      rake
    sprockets (3.5.2)
      concurrent-ruby (~> 1.0)
      rack (> 1, < 3)
    sprockets-helpers (1.2.1)
      sprockets (>= 2.2)
    temple (0.7.6)
    tilt (2.0.2)
    yajl-ruby (1.2.1)

PLATFORMS
  ruby

DEPENDENCIES
  aws-sdk (= 2.2.1)
  dotenv
  jekyll
  jekyll-assets
  jekyll-paginate
  jekyll-slim!
  mini_magick
  pry
  pygments.rb
  rake
  redcarpet
  reduce
  sliq!

BUNDLED WITH
   1.11.2
