GEM
  remote: https://rubygems.org/
  specs:
    addressable (2.3.8)
    aws-sdk (2.2.1)
      aws-sdk-resources (= 2.2.1)
    aws-sdk-core (2.2.1)
      jmespath (~> 1.0)
    aws-sdk-resources (2.2.1)
      aws-sdk-core (= 2.2.1)
    coderay (1.1.1)
    colorator (0.1)
    concurrent-ruby (1.0.1)
    dotenv (2.1.0)
    execjs (2.6.0)
    fastimage (1.9.0)
      addressable (~> 2.3.5)
    ffi (1.9.10)
    httpclient (2.7.1)
    jekyll (3.1.2)
      colorator (~> 0.1)
      jekyll-sass-converter (~> 1.0)
      jekyll-watch (~> 1.1)
      kramdown (~> 1.3)
      liquid (~> 3.0)
      mercenary (~> 0.3.3)
      rouge (~> 1.7)
      safe_yaml (~> 1.0)
    jekyll-assets (2.1.2)
      fastimage (~> 1.8)
      jekyll (~> 3.0)
      sprockets (~> 3.3)
      sprockets-helpers (~> 1.2)
      tilt (~> 2.0)
    jekyll-paginate (1.1.0)
    jekyll-sass-converter (1.4.0)
      sass (~> 3.4)
    jekyll-watch (1.3.1)
      listen (~> 3.0)
    jmespath (1.1.3)
    json (1.8.3)
    kramdown (1.10.0)
    libv8 (3.16.14.13)
    liquid (3.0.6)
    listen (3.0.6)
      rb-fsevent (>= 0.9.3)
      rb-inotify (>= 0.9.7)
    mercenary (0.3.5)
    method_source (0.8.2)
    mini_magick (4.4.0)
    pry (0.10.3)
      coderay (~> 1.1.0)
      method_source (~> 0.8.1)
      slop (~> 3.4)
    rack (1.6.4)
    rake (11.1.1)
    rb-fsevent (0.9.7)
    rb-inotify (0.9.7)
      ffi (>= 0.5.0)
    reduce (0.3.0)
      smusher
    ref (2.0.0)
    rouge (1.10.1)
    safe_yaml (1.0.4)
    sass (3.4.21)
    slop (3.6.0)
    smusher (0.4.9)
      httpclient (>= 2.2)
      json
      rake
    sprockets (3.5.2)
      concurrent-ruby (~> 1.0)
      rack (> 1, < 3)
    sprockets-helpers (1.2.1)
      sprockets (>= 2.2)
    therubyracer (0.12.2)
      libv8 (~> 3.16.14.0)
      ref
    tilt (2.0.2)

PLATFORMS
  ruby

DEPENDENCIES
  aws-sdk (= 2.2.1)
  dotenv
  execjs
  jekyll (~> 3.1.2)
  jekyll-assets
  jekyll-paginate
  mini_magick
  pry
  rake
  reduce
  rouge
  therubyracer

BUNDLED WITH
   1.11.2
